GEM
  remote: https://rubygems.org/
  specs:
    bubble-wrap (1.7.1)
      bubble-wrap-http (= 1.7.1)
    bubble-wrap-http (1.7.1)
    dbt (1.1.5)
    motion-kit (0.11.1)
      dbt (~> 1.1.5)
    rake (10.3.2)
    sugarcube (1.6.3)

PLATFORMS
  ruby

DEPENDENCIES
  bubble-wrap (~> 1.7.1)
  motion-kit
  rake
  sugarcube
